GEM
  remote: http://gemcutter.org/
  remote: http://gems.rubyforge.org/
  remote: http://rubygems.org/
  specs:
    childprocess (0.3.7)
      ffi (~> 1.0, >= 1.0.6)
    faker (1.1.2)
      i18n (~> 0.5)
    ffi (1.3.1-x86-mingw32)
    headless (1.0.0)
    i18n (0.6.4)
    mail (2.5.3)
      i18n (>= 0.4.0)
      mime-types (~> 1.16)
      treetop (~> 1.4.8)
    mime-types (1.21)
    multi_json (1.6.1)
    nokogiri (1.5.6-x86-mingw32)
    polyglot (0.3.3)
    rubyzip (0.9.9)
    selenium-client (1.2.18)
    selenium-webdriver (2.29.0)
      childprocess (>= 0.2.5)
      multi_json (~> 1.0)
      rubyzip
      websocket (~> 1.0.4)
    treetop (1.4.12)
      polyglot
      polyglot (>= 0.3.1)
    websocket (1.0.7)

PLATFORMS
  x86-mingw32

DEPENDENCIES
  faker
  headless
  mail
  nokogiri
  selenium-client
  selenium-webdriver
